GEM
  remote: https://rubygems.org/
  specs:
    bcrypt (3.1.18)
    mustermann (2.0.2)
      ruby2_keywords (~> 0.0.1)
    rack (2.2.8.1)
    rack-protection (2.2.3)
      rack
    ruby2_keywords (0.0.5)
    sinatra (2.2.3)
      mustermann (~> 2.0)
      rack (~> 2.2)
      rack-protection (= 2.2.3)
      tilt (~> 2.0)
    sinatra-flash (0.3.0)
      sinatra (>= 1.0.0)
    tilt (2.0.11)

PLATFORMS
  ruby

DEPENDENCIES
  bcrypt
  sinatra
  sinatra-flash

BUNDLED WITH
   2.0.2
